GEM
  remote: https://rubygems.org/
  specs:
    dalli (2.7.6)
    foreman (0.82.0)
      thor (~> 0.19.1)
    minitest (5.9.0)
    rack (1.6.4)
    rack-protection (1.5.3)
      rack
    rack-test (0.6.3)
      rack (>= 1.0)
    sinatra (1.4.7)
      rack (~> 1.5)
      rack-protection (~> 1.4)
      tilt (>= 1.3, < 3)
    thor (0.19.1)
    tilt (2.0.5)
    timecop (0.6.3)

PLATFORMS
  ruby

DEPENDENCIES
  dalli
  foreman
  minitest
  rack
  rack-test
  sinatra
  timecop

BUNDLED WITH
   1.12.5
